GEM
  remote: http://rubygems.org/
  specs:
    diff-lcs (1.2.5)
    mini_portile (0.6.2)
    nokogiri (1.6.5)
      mini_portile (~> 0.6.0)
    rake (0.9.6)
    rspec (2.99.0)
      rspec-core (~> 2.99.0)
      rspec-expectations (~> 2.99.0)
      rspec-mocks (~> 2.99.0)
    rspec-core (2.99.2)
    rspec-expectations (2.99.2)
      diff-lcs (>= 1.1.3, < 2.0)
    rspec-mocks (2.99.2)
    rubyXL (3.3.2)
      nokogiri (>= 1.4.4)
      rubyzip (>= 1.1.6)
    rubyzip (1.1.6)

PLATFORMS
  ruby

DEPENDENCIES
  rake (~> 0.9.2)
  rspec (~> 2.13)
  rubyXL (>= 3.3.2)
